PATH
  remote: .
  specs:
    text-gen (0.6.0)
      thor (~> 0.20)

GEM
  remote: https://rubygems.org/
  specs:
    minitest (5.11.3)
    rake (12.3.2)
    thor (0.20.3)

PLATFORMS
  ruby

DEPENDENCIES
  bundler (~> 2.0)
  minitest (~> 5.0)
  rake (~> 12.0)
  text-gen!

BUNDLED WITH
   2.0.1
