PATH
  remote: .
  specs:
    text-gen (0.5.0)
      slop (~> 4.0)

GEM
  remote: https://rubygems.org/
  specs:
    minitest (5.11.3)
    rake (12.3.2)
    slop (4.6.2)

PLATFORMS
  ruby

DEPENDENCIES
  bundler (~> 2.0)
  minitest (~> 5.0)
  rake (~> 12.0)
  text-gen!

BUNDLED WITH
   2.0.1
