PATH
  remote: .
  specs:
    text-gen (0.4.0)
      slop (~> 4.0)

GEM
  remote: https://rubygems.org/
  specs:
    minitest (5.11.3)
    rake (10.5.0)
    slop (4.6.2)

PLATFORMS
  ruby

DEPENDENCIES
  bundler (~> 1.17)
  minitest (~> 5.0)
  rake (~> 10.0)
  text-gen!

BUNDLED WITH
   1.17.2
